NUGET
  remote: https://api.nuget.org/v3/index.json
    Falco (4.0.3)
      Falco.Markup (>= 1.0.1) - restriction: >= net6.0
      FSharp.Core (>= 6.0) - restriction: >= net6.0
    Falco.Markup (1.0.2) - restriction: >= net6.0
      FSharp.Core (>= 4.5.2) - restriction: >= netstandard2.0
    FSharp.Core (7.0.200) - restriction: >= net6.0
